GEM
  remote: https://rubygems.org/
  specs:
    byebug (8.2.2)
    rack (1.6.4)
    rack-protection (1.5.3)
      rack
    sequel (4.31.0)
    sinatra (1.4.7)
      rack (~> 1.5)
      rack-protection (~> 1.4)
      tilt (>= 1.3, < 3)
    sqlite3 (1.3.11)
    tilt (2.0.2)

PLATFORMS
  ruby

DEPENDENCIES
  byebug
  sequel
  sinatra
  sqlite3

BUNDLED WITH
   1.10.6
